GEM
  remote: http://rubygems.org/
  specs:
    slim (1.0.3)
      temple (~> 0.3.4)
      tilt (~> 1.3.2)
    temple (0.3.4)
    thor (0.14.6)
    tilt (1.3.3)

PLATFORMS
  ruby

DEPENDENCIES
  slim
  thor
