GEM
  remote: http://rubygems.org/
  specs:
    albino (1.3.3)
      posix-spawn (>= 0.3.6)
    posix-spawn (0.3.6)
    slim (1.0.3)
      temple (~> 0.3.4)
      tilt (~> 1.3.2)
    temple (0.3.4)
    thor (0.14.6)
    tilt (1.3.3)

PLATFORMS
  ruby

DEPENDENCIES
  albino
  slim
  thor
